GEM
  remote: https://rubygems.org/
  specs:
    cinch (2.3.3)
    eventmachine (1.2.5)
    faye-websocket (0.10.7)
      eventmachine (>= 0.12.0)
      websocket-driver (>= 0.5.1)
    json (1.8.6)
    websocket-driver (0.6.5)
      websocket-extensions (>= 0.1.0)
    websocket-extensions (0.1.2)

PLATFORMS
  ruby

DEPENDENCIES
  cinch
  faye-websocket
  json

BUNDLED WITH
   1.15.1
